GEM
  remote: https://rubygems.org/
  specs:
    minitest (5.16.2)

PLATFORMS
  ruby

DEPENDENCIES
  minitest

BUNDLED WITH
   2.3.19
